GEM
  remote: https://rubygems.org/
  specs:
    coderay (1.0.9)
    httparty (0.11.0)
      multi_json (~> 1.0)
      multi_xml (>= 0.5.2)
    method_source (0.8.1)
    multi_json (1.7.6)
    multi_xml (0.5.4)
    pry (0.9.12.2)
      coderay (~> 1.0.5)
      method_source (~> 0.8)
      slop (~> 3.4)
    rufus-scheduler (2.0.19)
      tzinfo (>= 0.3.23)
    slop (3.4.5)
    thor (0.18.1)
    tzinfo (1.0.0)

PLATFORMS
  ruby

DEPENDENCIES
  httparty
  multi_json
  pry
  rufus-scheduler
  thor
